PATH
  remote: .
  specs:
    jira (0.0.1)
      awesome_print (~> 1.1.0)
      sysexits (= 1.0.2)
      thor (= 0.15.3)

GEM
  remote: http://gemserver.va.opower.it/
  specs:
    activesupport (3.2.16)
      i18n (~> 0.6, >= 0.6.4)
      multi_json (~> 1.0)
    arrayfields (4.7.4)
    ast (1.1.0)
    awesome_print (1.1.0)
    bluff (0.1.0)
    builder (3.2.2)
    cane (2.5.2)
      parallel
    celluloid (0.15.2)
      timers (~> 1.1.0)
    childprocess (0.3.9)
      ffi (~> 1.0, >= 1.0.11)
    chronic (0.9.1)
    churn (0.0.28)
      chronic (>= 0.2.3)
      hirb
      json_pure
      main
      ruby_parser (~> 3.0)
      sexp_processor (~> 4.1)
    code_analyzer (0.4.0)
      sexp_processor
    coderay (1.1.0)
    colored (1.2)
    diff-lcs (1.2.5)
    erubis (2.7.0)
    fattr (2.2.1)
    ffi (1.9.3)
    flay (2.0.1)
      ruby_parser (~> 3.0)
      sexp_processor (~> 4.0)
    flog (3.2.2)
      ruby_parser (~> 3.1, > 3.1.0)
      sexp_processor (~> 4.0)
    formatador (0.2.4)
    guard (1.8.2)
      formatador (>= 0.2.4)
      listen (>= 1.0.0)
      lumberjack (>= 1.0.2)
      pry (>= 0.9.10)
      thor (>= 0.14.6)
    guard-reek (0.0.4)
      guard
      reek
    guard-rspec (3.0.2)
      guard (>= 1.8)
      rspec (~> 2.13)
    guard-rubocop (0.0.4)
      childprocess (~> 0.3)
      guard (~> 1.8)
      rubocop (>= 0.8.2, < 0.9.0)
      term-ansicolor (~> 1.1)
    hirb (0.7.1)
    i18n (0.6.9)
    japgolly-Saikuro (1.1.1.0)
    json_pure (1.8.0)
    listen (2.4.0)
      celluloid (>= 0.15.2)
      rb-fsevent (>= 0.9.3)
      rb-inotify (>= 0.9)
    lumberjack (1.0.4)
    main (5.2.0)
      arrayfields (>= 4.7.4)
      chronic (>= 0.6.2)
      fattr (>= 2.2.0)
      map (>= 5.1.0)
    map (6.2.0)
    method_source (0.8.2)
    metric_fu (4.2.1)
      arrayfields (= 4.7.4)
      bluff
      cane (= 2.5.2)
      churn (= 0.0.28)
      coderay
      fattr (= 2.2.1)
      flay (= 2.0.1)
      flog (= 3.2.2)
      japgolly-Saikuro (>= 1.1.1.0)
      map (= 6.2.0)
      metric_fu-roodi (>= 2.2.1)
      multi_json
      parallel (= 0.6.2)
      rails_best_practices (= 1.13.2)
      redcard
      reek (= 1.3.1)
      ruby2ruby (~> 2.0, >= 2.0.2)
      ruby_parser (~> 3.0, >= 3.1.1)
      sexp_processor (~> 4.0)
    metric_fu-roodi (2.2.2)
      ruby_parser
    multi_json (1.8.4)
    parallel (0.6.2)
    parser (2.0.0.beta5)
      ast (~> 1.0)
      slop (~> 3.4)
    progressbar (0.20.0)
    pry (0.9.12.4)
      coderay (~> 1.0)
      method_source (~> 0.8)
      slop (~> 3.4)
    rails_best_practices (1.13.2)
      activesupport
      awesome_print
      code_analyzer
      colored
      erubis
      i18n
      progressbar
    rainbow (1.1.4)
    rb-fsevent (0.9.4)
    rb-inotify (0.9.3)
      ffi (>= 0.5.0)
    redcard (1.1.0)
    reek (1.3.1)
      ruby2ruby (~> 2.0.2)
      ruby_parser (~> 3.1.1)
      sexp_processor
    rspec (2.13.0)
      rspec-core (~> 2.13.0)
      rspec-expectations (~> 2.13.0)
      rspec-mocks (~> 2.13.0)
    rspec-core (2.13.1)
    rspec-expectations (2.13.0)
      diff-lcs (>= 1.1.3, < 2.0)
    rspec-mocks (2.13.1)
    rubocop (0.8.3)
      parser (= 2.0.0.beta5)
      rainbow (>= 1.1.4)
    ruby2ruby (2.0.6)
      ruby_parser (~> 3.1)
      sexp_processor (~> 4.0)
    ruby_parser (3.1.3)
      sexp_processor (~> 4.1)
    sexp_processor (4.2.1)
    simplecov (0.7.1)
      multi_json (~> 1.0)
      simplecov-html (~> 0.7.1)
    simplecov-html (0.7.1)
    slop (3.4.7)
    sysexits (1.0.2)
    term-ansicolor (1.2.2)
      tins (~> 0.8)
    thor (0.15.3)
    timers (1.1.0)
    tins (0.13.1)
    wrest (1.5.0)
      activesupport (~> 3)
      builder (> 2.0)
      multi_json (~> 1.0)

PLATFORMS
  ruby

DEPENDENCIES
  guard (~> 1.8.0)
  guard-reek (~> 0.0.4)
  guard-rspec (~> 3.0.1)
  guard-rubocop (~> 0.0.4)
  jira!
  metric_fu (~> 4.2.0)
  rspec (~> 2.13.0)
  rubocop (~> 0.8.3)
  simplecov (~> 0.7.0)
  wrest
